GEM
  remote: https://rubygems.org/
  specs:
    addressable (2.8.0)
      public_suffix (>= 2.0.2, < 5.0)
    fileutils (1.2.0)
    git (1.5.0)
    launchy (2.5.0)
      addressable (~> 2.7)
    public_suffix (4.0.6)

PLATFORMS
  ruby
  x64-mingw32

DEPENDENCIES
  fileutils (= 1.2.0)
  git (= 1.5.0)
  launchy (~> 2.5)

BUNDLED WITH
   1.17.3
